{
    "AcquisitionMatrixPE": 136,
    "AcquisitionNumber": 1,
    "B0FieldIdentifier": [
        "topupdwi01"
    ],
    "B0FieldSource": [
        "topupdwi01"
    ],
    "BandwidthPerPixelPhaseEncode": 18.854,
    "BaseResolution": 136,
    "BidsGuess": [
        "dwi",
        "_acq-epb5m4_dir-AP_run-22_dwi"
    ],
    "BodyPartExamined": "BRAIN",
    "CoilCombinationMethod": "Sum of Squares",
    "ConsistencyInfo": "N4_VE11C_LATEST_20160120",
    "ConversionSoftware": "dcm2niix",
    "ConversionSoftwareVersion": "v1.0.20240202",
    "DerivedVendorReportedEchoSpacing": 0.000779987,
    "DeviceSerialNumber": "66044",
    "DiffusionScheme": "Monopolar",
    "Dim1Size": 136,
    "Dim2Size": 136,
    "Dim3Size": 84,
    "EchoTime": 0.09,
    "EchoTrainLength": 58,
    "EffectiveEchoSpacing": 0.000389994,
    "FileCollection": [
        "bids::sub-24800/ses-1/dwi/sub-24800_ses-1_dir-AP_run-01_part-mag_dwi.nii.gz",
        "bids::sub-24800/ses-1/dwi/sub-24800_ses-1_dir-AP_run-01_part-phase_dwi.nii.gz"
    ],
    "FlipAngle": 90,
    "HeudiconvVersion": "1.3.2",
    "ImageOrientation": "LAS+",
    "ImageOrientationPatientDICOM": [
        1,
        0,
        0,
        0,
        1,
        0
    ],
    "ImageType": [
        "ORIGINAL",
        "PRIMARY",
        "DIFFUSION",
        "NONE",
        "MB",
        "ND",
        "NORM",
        "MOSAIC"
    ],
    "ImagingFrequency": 123.252472,
    "InPlanePhaseEncodingDirectionDICOM": "COL",
    "InstitutionName": "SC3T",
    "MRAcquisitionType": "2D",
    "MagneticFieldStrength": 3,
    "Manufacturer": "Siemens",
    "ManufacturersModelName": "Prisma",
    "MatrixCoilMode": "GRAPPA",
    "Modality": "MR",
    "MultibandAccelerationFactor": 4,
    "NonlinearGradientCorrection": false,
    "NumVolumes": 104,
    "Obliquity": "False",
    "ParallelReductionFactorInPlane": 2,
    "PartialFourier": 0.875,
    "Parts": [
        "mag",
        "phase"
    ],
    "PatientPosition": "HFS",
    "PercentPhaseFOV": 100,
    "PercentSampling": 100,
    "PhaseEncodingDirection": "j-",
    "PhaseEncodingSteps": 117,
    "PhaseResolution": 1,
    "PixelBandwidth": 1670,
    "ProcedureStepDescription": "CAMRIS^Satterthwaite",
    "ProtocolName": "dwi-dwi_acq-HASC92_dir-AP",
    "PulseSequenceDetails": "%CustomerSeq%\\cmrr_mbep2d_diff",
    "ReceiveCoilActiveElements": "HC1-7;NC1,2",
    "ReceiveCoilName": "HeadNeck_64",
    "ReconMatrixPE": 136,
    "RefLinesPE": 40,
    "RepetitionTime": 4.3,
    "SAR": 0.106141,
    "ScanGrouping": {
        "concatenated_bids_name": "sub-24800_ses-1_dir-AP_run-01_part-mag",
        "dwi_series": [
            "/data/sub-24800/ses-1/dwi/sub-24800_ses-1_dir-AP_run-01_part-mag_dwi.nii.gz"
        ],
        "dwi_series_pedir": "j-",
        "fieldmap_info": {
            "epi": [
                "/data/sub-24800/ses-1/fmap/sub-24800_ses-1_acq-dwi_dir-PA_run-01_part-mag_epi.nii.gz"
            ],
            "suffix": "epi"
        }
    },
    "ScanOptions": "PFP\\FS",
    "ScanningSequence": "EP",
    "SequenceName": "ep_b5#1",
    "SequenceVariant": "SK\\SS",
    "SeriesDescription": "dwi-dwi_acq-HASC92_dir-AP",
    "SeriesNumber": 22,
    "ShimSetting": [
        3751,
        2473,
        422,
        287,
        -23,
        -267,
        42,
        32
    ],
    "SliceThickness": 1.7,
    "SliceTiming": [
        0,
        2.2425,
        0.205,
        2.445,
        0.4075,
        2.65,
        0.6125,
        2.8525,
        0.815,
        3.0575,
        1.02,
        3.26,
        1.2225,
        3.465,
        1.4275,
        3.6675,
        1.63,
        3.8725,
        1.835,
        4.075,
        2.0375,
        0,
        2.2425,
        0.205,
        2.445,
        0.4075,
        2.65,
        0.6125,
        2.8525,
        0.815,
        3.0575,
        1.02,
        3.26,
        1.2225,
        3.465,
        1.4275,
        3.6675,
        1.63,
        3.8725,
        1.835,
        4.075,
        2.0375,
        0,
        2.2425,
        0.205,
        2.445,
        0.4075,
        2.65,
        0.6125,
        2.8525,
        0.815,
        3.0575,
        1.02,
        3.26,
        1.2225,
        3.465,
        1.4275,
        3.6675,
        1.63,
        3.8725,
        1.835,
        4.075,
        2.0375,
        0,
        2.2425,
        0.205,
        2.445,
        0.4075,
        2.65,
        0.6125,
        2.8525,
        0.815,
        3.0575,
        1.02,
        3.26,
        1.2225,
        3.465,
        1.4275,
        3.6675,
        1.63,
        3.8725,
        1.835,
        4.075,
        2.0375
    ],
    "SoftwareVersions": "syngo MR E11",
    "SourceMetadata": {
        "sub-24800_ses-1_dir-AP_run-01_part-mag_dwi.nii.gz": {
            "AcquisitionMatrixPE": 136,
            "AcquisitionNumber": 1,
            "B0FieldIdentifier": [
                "topupdwi01"
            ],
            "B0FieldSource": [
                "topupdwi01"
            ],
            "BandwidthPerPixelPhaseEncode": 18.854,
            "BaseResolution": 136,
            "BidsGuess": [
                "dwi",
                "_acq-epb5m4_dir-AP_run-22_dwi"
            ],
            "BodyPartExamined": "BRAIN",
            "CoilCombinationMethod": "Sum of Squares",
            "ConsistencyInfo": "N4_VE11C_LATEST_20160120",
            "ConversionSoftware": "dcm2niix",
            "ConversionSoftwareVersion": "v1.0.20240202",
            "DerivedVendorReportedEchoSpacing": 0.000779987,
            "DeviceSerialNumber": "66044",
            "DiffusionScheme": "Monopolar",
            "Dim1Size": 136,
            "Dim2Size": 136,
            "Dim3Size": 84,
            "EchoTime": 0.09,
            "EchoTrainLength": 58,
            "EffectiveEchoSpacing": 0.000389994,
            "FileCollection": [
                "bids::sub-24800/ses-1/dwi/sub-24800_ses-1_dir-AP_run-01_part-mag_dwi.nii.gz",
                "bids::sub-24800/ses-1/dwi/sub-24800_ses-1_dir-AP_run-01_part-phase_dwi.nii.gz"
            ],
            "FlipAngle": 90,
            "HeudiconvVersion": "1.3.2",
            "ImageOrientation": "LAS+",
            "ImageOrientationPatientDICOM": [
                1,
                0,
                0,
                0,
                1,
                0
            ],
            "ImageType": [
                "ORIGINAL",
                "PRIMARY",
                "DIFFUSION",
                "NONE",
                "MB",
                "ND",
                "NORM",
                "MOSAIC"
            ],
            "ImagingFrequency": 123.252472,
            "InPlanePhaseEncodingDirectionDICOM": "COL",
            "InstitutionName": "SC3T",
            "MRAcquisitionType": "2D",
            "MagneticFieldStrength": 3,
            "Manufacturer": "Siemens",
            "ManufacturersModelName": "Prisma",
            "MatrixCoilMode": "GRAPPA",
            "Modality": "MR",
            "MultibandAccelerationFactor": 4,
            "NonlinearGradientCorrection": false,
            "NumVolumes": 104,
            "Obliquity": "False",
            "ParallelReductionFactorInPlane": 2,
            "PartialFourier": 0.875,
            "Parts": [
                "mag",
                "phase"
            ],
            "PatientPosition": "HFS",
            "PercentPhaseFOV": 100,
            "PercentSampling": 100,
            "PhaseEncodingDirection": "j-",
            "PhaseEncodingSteps": 117,
            "PhaseResolution": 1,
            "PixelBandwidth": 1670,
            "ProcedureStepDescription": "CAMRIS^Satterthwaite",
            "ProtocolName": "dwi-dwi_acq-HASC92_dir-AP",
            "PulseSequenceDetails": "%CustomerSeq%\\cmrr_mbep2d_diff",
            "ReceiveCoilActiveElements": "HC1-7;NC1,2",
            "ReceiveCoilName": "HeadNeck_64",
            "ReconMatrixPE": 136,
            "RefLinesPE": 40,
            "RepetitionTime": 4.3,
            "SAR": 0.106141,
            "ScanOptions": "PFP\\FS",
            "ScanningSequence": "EP",
            "SequenceName": "ep_b5#1",
            "SequenceVariant": "SK\\SS",
            "SeriesDescription": "dwi-dwi_acq-HASC92_dir-AP",
            "SeriesNumber": 22,
            "ShimSetting": [
                3751,
                2473,
                422,
                287,
                -23,
                -267,
                42,
                32
            ],
            "SliceThickness": 1.7,
            "SliceTiming": [
                0,
                2.2425,
                0.205,
                2.445,
                0.4075,
                2.65,
                0.6125,
                2.8525,
                0.815,
                3.0575,
                1.02,
                3.26,
                1.2225,
                3.465,
                1.4275,
                3.6675,
                1.63,
                3.8725,
                1.835,
                4.075,
                2.0375,
                0,
                2.2425,
                0.205,
                2.445,
                0.4075,
                2.65,
                0.6125,
                2.8525,
                0.815,
                3.0575,
                1.02,
                3.26,
                1.2225,
                3.465,
                1.4275,
                3.6675,
                1.63,
                3.8725,
                1.835,
                4.075,
                2.0375,
                0,
                2.2425,
                0.205,
                2.445,
                0.4075,
                2.65,
                0.6125,
                2.8525,
                0.815,
                3.0575,
                1.02,
                3.26,
                1.2225,
                3.465,
                1.4275,
                3.6675,
                1.63,
                3.8725,
                1.835,
                4.075,
                2.0375,
                0,
                2.2425,
                0.205,
                2.445,
                0.4075,
                2.65,
                0.6125,
                2.8525,
                0.815,
                3.0575,
                1.02,
                3.26,
                1.2225,
                3.465,
                1.4275,
                3.6675,
                1.63,
                3.8725,
                1.835,
                4.075,
                2.0375
            ],
            "SoftwareVersions": "syngo MR E11",
            "SpacingBetweenSlices": 1.7,
            "StationName": "AWP66044",
            "TotalReadoutTime": 0.0526491,
            "TxRefAmp": 232.124,
            "VoxelSizeDim1": 1.691176414489746,
            "VoxelSizeDim2": 1.691176414489746,
            "VoxelSizeDim3": 1.7000000476837158,
            "WipMemBlock": "55ca1376-2da0-42db-812d-09e7478039a0||Sequence: R016 ve11c/master r/e634e98; Dec 19 2017 11:11:25 by eja"
        }
    },
    "Sources": [
        "sub-24800_ses-1_dir-AP_run-01_part-mag_dwi.nii.gz"
    ],
    "SpacingBetweenSlices": 1.7,
    "StationName": "AWP66044",
    "TotalReadoutTime": 0.0526491,
    "TxRefAmp": 232.124,
    "VoxelSizeDim1": 1.691176414489746,
    "VoxelSizeDim2": 1.691176414489746,
    "VoxelSizeDim3": 1.7000000476837158,
    "WipMemBlock": "55ca1376-2da0-42db-812d-09e7478039a0||Sequence: R016 ve11c/master r/e634e98; Dec 19 2017 11:11:25 by eja"
}